GEM
  remote: http://rubygems.org/
  specs:
    Ascii85 (1.0.2)
    abstract (1.0.0)
    actionmailer (3.0.19)
      actionpack (= 3.0.19)
      mail (~> 2.2.19)
    actionpack (3.0.19)
      activemodel (= 3.0.19)
      activesupport (= 3.0.19)
      builder (~> 2.1.2)
      erubis (~> 2.6.6)
      i18n (~> 0.5.0)
      rack (~> 1.2.5)
      rack-mount (~> 0.6.14)
      rack-test (~> 0.5.7)
      tzinfo (~> 0.3.23)
    activemodel (3.0.19)
      activesupport (= 3.0.19)
      builder (~> 2.1.2)
      i18n (~> 0.5.0)
    activerecord (3.0.19)
      activemodel (= 3.0.19)
      activesupport (= 3.0.19)
      arel (~> 2.0.10)
      tzinfo (~> 0.3.23)
    activeresource (3.0.19)
      activemodel (= 3.0.19)
      activesupport (= 3.0.19)
    activesupport (3.0.19)
    arel (2.0.10)
    aws-s3 (0.6.3)
      builder
      mime-types
      xml-simple
    aws-sdk (1.5.8)
      httparty (~> 0.7)
      json (~> 1.4)
      nokogiri (>= 1.4.4)
      uuidtools (~> 2.1)
    bitcoin-addrgen (0.0.2)
      ffi (~> 1.2.0)
    brakeman (2.6.2)
      erubis (~> 2.6)
      fastercsv (~> 1.5)
      haml (>= 3.0, < 5.0)
      highline (~> 1.6.20)
      multi_json (~> 1.2)
      ruby2ruby (~> 2.1.1)
      ruby_parser (~> 3.5.0)
      sass (~> 3.0)
      slim (>= 1.3.6, < 3.0)
      terminal-table (~> 1.4)
    builder (2.1.2)
    certified (1.0.0)
    chunky_png (1.3.1)
    coderay (1.1.0)
    countries (0.9.3)
      currencies (~> 0.4.2)
    country_select (2.0.0)
      countries (~> 0.9, >= 0.9.3)
    currencies (0.4.2)
    domain_name (0.5.21)
      unf (>= 0.0.5, < 1.0.0)
    erubis (2.6.6)
      abstract (>= 1.0.0)
    fastercsv (1.5.5)
    ffi (1.2.1)
    ffi (1.2.1-x86-mingw32)
    fileutils (0.7)
      rmagick (>= 2.13.1)
    haml (4.0.5)
      tilt
    hashery (2.0.1)
    highline (1.6.21)
    http-cookie (1.0.2)
      domain_name (~> 0.5)
    httparty (0.13.1)
      json (~> 1.8)
      multi_xml (>= 0.5.2)
    i18n (0.5.0)
    json (1.8.1)
    mail (2.2.20)
      activesupport (>= 2.3.6)
      i18n (>= 0.4.0)
      mime-types (~> 1.16)
      treetop (~> 1.4.8)
    mail_form (1.4.1)
      actionmailer (~> 3.0)
    mechanize (2.7.2)
      domain_name (~> 0.5, >= 0.5.1)
      http-cookie (~> 1.0.0)
      mime-types (~> 1.17, >= 1.17.2)
      net-http-digest_auth (~> 1.1, >= 1.1.1)
      net-http-persistent (~> 2.5, >= 2.5.2)
      nokogiri (~> 1.4)
      ntlm-http (~> 0.1, >= 0.1.1)
      webrobots (>= 0.0.9, < 0.2)
    method_source (0.8.2)
    mime-types (1.25.1)
    mini_portile (0.6.0)
    multi_json (1.10.1)
    multi_xml (0.5.5)
    net-http-digest_auth (1.4)
    net-http-persistent (2.9.4)
    nokogiri (1.6.3.1)
      mini_portile (= 0.6.0)
    nokogiri (1.6.3.1-x86-mingw32)
      mini_portile (= 0.6.0)
    ntlm-http (0.1.1)
    pdf-reader (1.2.0)
      Ascii85 (~> 1.0.0)
      hashery (~> 2.0)
      ruby-rc4
    pg (0.15.1)
    pg (0.15.1-x86-mingw32)
    pngqr (0.6)
      chunky_png
      rqrcode
    polyglot (0.3.5)
    prawn (0.11.1)
      pdf-reader (>= 0.9.0)
      ttfunk (~> 1.0.0)
    prawn-qrcode (0.2.1)
      prawn (>= 0.11.1)
      rqrcode (>= 0.4.1)
    pry (0.10.1)
      coderay (~> 1.1.0)
      method_source (~> 0.8.1)
      slop (~> 3.4)
    pry (0.10.1-x86-mingw32)
      coderay (~> 1.1.0)
      method_source (~> 0.8.1)
      slop (~> 3.4)
      win32console (~> 1.3)
    rack (1.2.8)
    rack-mount (0.6.14)
      rack (>= 1.0.0)
    rack-test (0.5.7)
      rack (>= 1.0)
    rails (3.0.19)
      actionmailer (= 3.0.19)
      actionpack (= 3.0.19)
      activerecord (= 3.0.19)
      activeresource (= 3.0.19)
      activesupport (= 3.0.19)
      bundler (~> 1.0)
      railties (= 3.0.19)
    railties (3.0.19)
      actionpack (= 3.0.19)
      activesupport (= 3.0.19)
      rake (>= 0.8.7)
      rdoc (~> 3.4)
      thor (~> 0.14.4)
    rake (10.1.1)
    rdoc (3.12.2)
      json (~> 1.4)
    rmagick (2.13.3)
    rqrcode (0.4.2)
    ruby-ole (1.2.11.7)
    ruby-rc4 (0.1.5)
    ruby2ruby (2.1.2)
      ruby_parser (~> 3.1)
      sexp_processor (~> 4.0)
    ruby_parser (3.5.0)
      sexp_processor (~> 4.1)
    sass (3.4.3)
    sexp_processor (4.4.4)
    simple_form (2.1.1)
      actionpack (~> 3.0)
      activemodel (~> 3.0)
    slim (2.0.3)
      temple (~> 0.6.6)
      tilt (>= 1.3.3, < 2.1)
    slop (3.6.0)
    spreadsheet (1.0.0)
      ruby-ole (>= 1.0)
    temple (0.6.8)
    terminal-table (1.4.5)
    thor (0.14.6)
    tilt (2.0.1)
    treetop (1.4.15)
      polyglot
      polyglot (>= 0.3.1)
    ttfunk (1.0.3)
    tzinfo (0.3.41)
    unf (0.1.4)
      unf_ext
    unf_ext (0.0.6)
    unf_ext (0.0.6-x86-mingw32)
    uuidtools (2.1.5)
    webrobots (0.1.1)
    will_paginate (3.0.7)
    win32console (1.3.2-x86-mingw32)
    xml-simple (1.1.4)

PLATFORMS
  ruby
  x86-mingw32

DEPENDENCIES
  Ascii85 (~> 1.0.2)
  activemodel
  activesupport
  aws-s3
  aws-sdk (~> 1.5.7)
  bitcoin-addrgen (~> 0.0.2)
  brakeman
  certified
  chunky_png
  country_select
  fastercsv
  ffi (~> 1.2.0)
  fileutils
  hashery (~> 2.0.1)
  i18n (= 0.5.0)
  json
  mail (~> 2.2.19)
  mail_form
  mechanize
  pdf-reader (~> 1.2.0)
  pg (~> 0.15.1)
  pngqr
  prawn (~> 0.11.1)
  prawn-qrcode (~> 0.2.0)
  pry
  rails (= 3.0.19)
  rake (~> 10.1.0)
  rqrcode
  ruby-rc4 (~> 0.1.5)
  simple_form
  spreadsheet
  ttfunk (~> 1.0.3)
  will_paginate (>= 3.0.pre)
